GIT
  remote: git://github.com/mongoid/mongoid.git
  revision: a536a5aab37027c4189829c78527035ed2da5f0c
  specs:
    mongoid (3.1.0)
      activemodel (~> 3.1)
      moped (~> 1.2)
      origin (~> 1.0)
      tzinfo (~> 0.3.22)

GEM
  remote: http://rubygems.org/
  specs:
    activemodel (3.2.8)
      activesupport (= 3.2.8)
      builder (~> 3.0.0)
    activesupport (3.2.8)
      i18n (~> 0.6)
      multi_json (~> 1.0)
    builder (3.0.4)
    crack (0.3.1)
    hpricot (0.8.6)
    i18n (0.6.1)
    mime-types (1.19)
    moped (1.2.7)
    multi_json (1.3.7)
    newrelic_rpm (3.5.2.17)
    origin (1.0.10)
    rack (1.4.1)
    rack-contrib (1.1.0)
      rack (>= 0.9.1)
    rack-protection (1.2.0)
      rack
    rest-client (1.6.7)
      mime-types (>= 1.16)
    sinatra (1.3.3)
      rack (~> 1.3, >= 1.3.6)
      rack-protection (~> 1.2)
      tilt (~> 1.3, >= 1.3.3)
    tilt (1.3.3)
    tzinfo (0.3.34)

PLATFORMS
  ruby

DEPENDENCIES
  crack
  hpricot
  mongoid!
  newrelic_rpm
  rack-contrib
  rest-client
  sinatra
